GEM
  remote: https://rubygems.org/
  specs:
    webrick (1.8.1)

PLATFORMS
  ruby

DEPENDENCIES
  webrick

RUBY VERSION
   ruby 3.1.4p223

BUNDLED WITH
   2.5.6
